GEM
  remote: https://rubygems.org/
  specs:
    childprocess (0.5.6)
      ffi (~> 1.0, >= 1.0.11)
    ffi (1.9.10)
    jar_wrapper (0.1.8)
      zip
    multi_json (1.11.2)
    parallel (1.6.1)
    parallel_tests (1.6.0)
      parallel
    power_assert (0.2.4)
    rubyzip (1.2.3)
    selenium (0.2.11)
      jar_wrapper
    selenium-webdriver (2.47.1)
      childprocess (~> 0.5)
      multi_json (~> 1.0)
      rubyzip (~> 1.0)
      websocket (~> 1.0)
    test-unit (3.1.3)
      power_assert
    websocket (1.2.2)
    zip (2.0.2)

PLATFORMS
  ruby

DEPENDENCIES
  parallel_tests
  selenium
  selenium-webdriver
  test-unit

BUNDLED WITH
   1.10.6
